GEM
  remote: https://rubygems.org/
  specs:
    icalendar (2.7.0)
      ice_cube (~> 0.16)
    ice_cube (0.16.3)
    mini_portile2 (2.5.0)
    nokogiri (1.11.1)
      mini_portile2 (~> 2.5.0)
      racc (~> 1.4)
    racc (1.5.2)

PLATFORMS
  ruby

DEPENDENCIES
  icalendar (~> 2.7)
  nokogiri (~> 1.11)

BUNDLED WITH
   2.1.4
